GEM
  remote: https://rubygems.org/
  specs:
    elasticsearch (6.0.2)
      elasticsearch-api (= 6.0.2)
      elasticsearch-transport (= 6.0.2)
    elasticsearch-api (6.0.2)
      multi_json
    elasticsearch-transport (6.0.2)
      faraday
      multi_json
    faraday (0.14.0)
      multipart-post (>= 1.2, < 3)
    mini_portile2 (2.3.0)
    multi_json (1.13.1)
    multipart-post (2.0.0)
    nokogiri (1.8.2)
      mini_portile2 (~> 2.3.0)

PLATFORMS
  ruby

DEPENDENCIES
  elasticsearch
  nokogiri

RUBY VERSION
   ruby 2.3.1p112

BUNDLED WITH
   1.13.2
